PATH
  remote: ../../leafy-health
  specs:
    leafy-health (0.1.0)
      jar-dependencies (~> 0.1.7)

PATH
  remote: ../../leafy-metrics
  specs:
    leafy-metrics (0.1.0)
      jar-dependencies (~> 0.1.7)

PATH
  remote: ../../leafy-rack
  specs:
    leafy-rack (0.1.0)
      jar-dependencies (~> 0.1.7)

GEM
  remote: https://rubygems.org/
  specs:
    axiom-types (0.1.1)
      descendants_tracker (~> 0.0.4)
      ice_nine (~> 0.11.0)
      thread_safe (~> 0.3, >= 0.3.1)
    coercible (1.0.0)
      descendants_tracker (~> 0.0.1)
    descendants_tracker (0.0.4)
      thread_safe (~> 0.3, >= 0.3.1)
    equalizer (0.0.9)
    ice_nine (0.11.1)
    jar-dependencies (0.1.7)
    maven-tools (1.0.7)
      virtus (~> 1.0)
    rack (1.6.0)
    rack-protection (1.5.3)
      rack
    ruby-maven (3.1.1.0.8)
      maven-tools (~> 1.0.1)
      ruby-maven-libs (= 3.1.1)
    ruby-maven-libs (3.1.1)
    sinatra (1.4.5)
      rack (~> 1.4)
      rack-protection (~> 1.4)
      tilt (~> 1.3, >= 1.3.4)
    thread_safe (0.3.4-java)
    tilt (1.4.1)
    virtus (1.0.4)
      axiom-types (~> 0.1)
      coercible (~> 1.0)
      descendants_tracker (~> 0.0, >= 0.0.3)
      equalizer (~> 0.0, >= 0.0.9)

PLATFORMS
  java

DEPENDENCIES
  leafy-health!
  leafy-metrics!
  leafy-rack!
  ruby-maven
  sinatra
