PATH
  remote: ../leafy-health
  specs:
    leafy-health (0.1.0)
      jar-dependencies (~> 0.1.7)

PATH
  remote: ../leafy-metrics
  specs:
    leafy-metrics (0.1.0)
      jar-dependencies (~> 0.1.7)

PATH
  remote: ../leafy-rack
  specs:
    leafy-rack (0.1.0)
      jar-dependencies (~> 0.1.7)

GEM
  remote: https://rubygems.org/
  specs:
    jar-dependencies (0.1.7)
    rack (1.6.0)
    rack-protection (1.5.3)
      rack
    sinatra (1.4.5)
      rack (~> 1.4)
      rack-protection (~> 1.4)
      tilt (~> 1.3, >= 1.3.4)
    tilt (1.4.1)

PLATFORMS
  java

DEPENDENCIES
  leafy-health!
  leafy-metrics!
  leafy-rack!
  sinatra
